PATH
  remote: .
  specs:
    vagrant-register (0.0.2)

GEM
  remote: http://rubygems.org/
  specs:
    rake (12.3.1)

PLATFORMS
  ruby

DEPENDENCIES
  bundler (>= 1.0.0)
  rake
  vagrant-register!

BUNDLED WITH
   1.16.1
